GEM
  remote: https://rubygems.org/
  specs:
    hashie (3.6.0)
    ruby-mysql (2.9.14)
    sequel (5.12.0)

PLATFORMS
  ruby

DEPENDENCIES
  bundler
  hashie
  ruby-mysql
  sequel

BUNDLED WITH
   1.16.5
